GEM
  remote: http://rubygems.org/
  specs:
    kindlerb (0.1.1)
      mustache
      nokogiri
    mini_portile (0.5.1)
    mustache (0.99.4)
    nokogiri (1.6.0)
      mini_portile (~> 0.5.0)

PLATFORMS
  ruby

DEPENDENCIES
  kindlerb
  nokogiri
